GEM
  remote: https://rubygems.org/
  specs:
    ansi (1.5.0)
    ast (2.3.0)
    domain_name (0.5.20170223)
      unf (>= 0.0.5, < 1.0.0)
    excon (0.55.0)
    http-cookie (1.0.3)
      domain_name (~> 0.5)
    jeff (1.5.2)
      excon (>= 0.22.1)
    mechanize (2.7.5)
      domain_name (~> 0.5, >= 0.5.1)
      http-cookie (~> 1.0)
      mime-types (>= 1.17.2)
      net-http-digest_auth (~> 1.1, >= 1.1.1)
      net-http-persistent (~> 2.5, >= 2.5.2)
      nokogiri (~> 1.6)
      ntlm-http (~> 0.1, >= 0.1.1)
      webrobots (>= 0.0.9, < 0.2)
    mime-types (3.1)
      mime-types-data (~> 3.2015)
    mime-types-data (3.2016.0521)
    mini_portile2 (2.1.0)
    multi_xml (0.5.5)
    net-http-digest_auth (1.4.1)
    net-http-persistent (2.9.4)
    nokogiri (1.7.0.1)
      mini_portile2 (~> 2.1.0)
    ntlm-http (0.1.1)
    oga (2.9)
      ast
      ruby-ll (~> 2.1)
    ox (2.4.9)
    ruby-ll (2.1.2)
      ansi
      ast
    unf (0.1.4)
      unf_ext
    unf_ext (0.0.7.2)
    vacuum (1.4.0)
      jeff (~> 1.0)
      multi_xml (~> 0.5.0)
    webrobots (0.1.2)

PLATFORMS
  ruby

DEPENDENCIES
  mechanize
  nokogiri
  oga
  ox
  vacuum

BUNDLED WITH
   1.13.1
